GEM
  remote: https://rubygems.org/
  specs:
    rake (12.3.3)

PLATFORMS
  ruby

DEPENDENCIES
  rake (>= 11.1.0)

BUNDLED WITH
   1.11.2
